PATH
  remote: .
  specs:
    jenkins_status_banner_guard (0.1.0)
      guard
      nokogiri

GEM
  remote: http://www.rubygems.org/
  specs:
    diff-lcs (1.1.2)
    guard (0.6.1)
      thor (~> 0.14.6)
    nokogiri (1.5.0)
    rake (0.8.7)
    rspec (2.6.0)
      rspec-core (~> 2.6.0)
      rspec-expectations (~> 2.6.0)
      rspec-mocks (~> 2.6.0)
    rspec-core (2.6.4)
    rspec-expectations (2.6.0)
      diff-lcs (~> 1.1.2)
    rspec-mocks (2.6.0)
    simplecov (0.4.2)
      simplecov-html (~> 0.4.4)
    simplecov-html (0.4.5)
    thor (0.14.6)

PLATFORMS
  ruby

DEPENDENCIES
  jenkins_status_banner_guard!
  rake
  rspec (~> 2.6)
  simplecov (~> 0.4)
